GIT
  remote: git://github.com/stevebooks/log-in-motion.git
  revision: 09d3b4b1ad2e48e60d633f06fe9f974baf17a9f7
  specs:
    log-in-motion (0.0.1)

GEM
  specs:
    bubble-wrap (1.1.5)
    rake (0.9.6)

PLATFORMS
  ruby

DEPENDENCIES
  bubble-wrap (>= 1.1.5)
  log-in-motion (>= 0.0.1)!
  rake (= 0.9.6)
